GIT
  remote: git://github.com/SCPR/asset_host_client.git
  revision: e133ed30b19446f7d2d6b27d234a40a45a90ffe4
  specs:
    asset_host_client (1.0.1)
      faraday (~> 0.8)
      faraday_middleware (~> 0.8)
      rails (>= 3.0)

GIT
  remote: git://github.com/SCPR/outpost-aggregator.git
  revision: 9dc53080481628635794c72d71473dbb4bfb78da
  specs:
    outpost-aggregator (0.1.0)

GIT
  remote: git://github.com/SCPR/outpost-asset_host.git
  revision: 8d914be135f95bf6b81e3ebe3637602d4c247bd9
  specs:
    outpost-asset_host (1.0.0)

GIT
  remote: git://github.com/SCPR/outpost-publishing.git
  revision: ce3ccf930df49a79bbc716eae8c3e63442c525b0
  specs:
    outpost-publishing (1.0.0)

GIT
  remote: git://github.com/SCPR/outpost.git
  revision: 1eaa7fac0b6b78893b4618297e428b43e4b6578b
  specs:
    outpost (0.0.2)
      bcrypt-ruby (~> 3.0)
      jquery-rails
      rails (>= 3.2)

GIT
  remote: git://github.com/amatsuda/kaminari.git
  revision: c721d3bc9cbe48d08d22e1057cb3d2f3310fe90c
  specs:
    kaminari (0.14.1)
      actionpack (>= 3.0.0)
      activesupport (>= 3.0.0)

GIT
  remote: git://github.com/bricker/rails.git
  revision: 59ba3566ae80f63a19e8d41b2c4ff873deacbd26
  branch: allow_numbers_in_partial_names
  specs:
    actionmailer (4.0.0.rc1)
      actionpack (= 4.0.0.rc1)
      mail (~> 2.5.3)
    actionpack (4.0.0.rc1)
      activesupport (= 4.0.0.rc1)
      builder (~> 3.1.0)
      erubis (~> 2.7.0)
      rack (~> 1.5.2)
      rack-test (~> 0.6.2)
    activemodel (4.0.0.rc1)
      activesupport (= 4.0.0.rc1)
      builder (~> 3.1.0)
    activerecord (4.0.0.rc1)
      activemodel (= 4.0.0.rc1)
      activerecord-deprecated_finders (~> 1.0.2)
      activesupport (= 4.0.0.rc1)
      arel (~> 4.0.0)
    activesupport (4.0.0.rc1)
      i18n (~> 0.6, >= 0.6.4)
      minitest (~> 4.2)
      multi_json (~> 1.3)
      thread_safe (~> 0.1)
      tzinfo (~> 0.3.37)
    rails (4.0.0.rc1)
      actionmailer (= 4.0.0.rc1)
      actionpack (= 4.0.0.rc1)
      activerecord (= 4.0.0.rc1)
      activesupport (= 4.0.0.rc1)
      bundler (>= 1.3.0, < 2.0)
      railties (= 4.0.0.rc1)
      sprockets-rails (~> 2.0.0.rc4)
    railties (4.0.0.rc1)
      actionpack (= 4.0.0.rc1)
      activesupport (= 4.0.0.rc1)
      rake (>= 0.8.7)
      thor (>= 0.18.1, < 2.0)

GIT
  remote: git://github.com/bricker/redis-store.git
  revision: 99aa42f876d89d84e66a3a59f31e867a382bbd8a
  specs:
    redis-actionpack (3.2.3)
      actionpack (>= 3.2.3)
      redis-rack (~> 1.4.0)
      redis-store (~> 1.1.0)
    redis-activesupport (3.2.3)
      activesupport (>= 3.2.3)
      redis-store (~> 1.1.0)
    redis-rack (1.4.2)
      rack (~> 1.5.2)
      redis-store (~> 1.1.0)
    redis-store (1.1.3)
      redis (>= 2.2)

GIT
  remote: git@github.com:bmabey/database_cleaner.git
  revision: ce1d16298960c28182568611892bfa4c386cfaf5
  specs:
    database_cleaner (0.9.1)

GEM
  remote: https://rubygems.org/
  specs:
    activerecord-deprecated_finders (1.0.2)
    addressable (2.3.4)
    arel (4.0.0)
    atomic (1.1.9)
    bcrypt-ruby (3.0.1)
    bootstrap-sass (2.3.1.0)
      sass (~> 3.2)
    builder (3.1.4)
    capistrano (2.15.4)
      highline
      net-scp (>= 1.0.0)
      net-sftp (>= 2.0.0)
      net-ssh (>= 2.0.14)
      net-ssh-gateway (>= 1.1.0)
    capybara (2.1.0)
      mime-types (>= 1.16)
      nokogiri (>= 1.3.3)
      rack (>= 1.0.0)
      rack-test (>= 0.5.4)
      xpath (~> 2.0)
    coderay (1.0.9)
    coffee-rails (4.0.0)
      coffee-script (>= 2.2.0)
      railties (>= 4.0.0.beta, < 5.0)
    coffee-script (2.2.0)
      coffee-script-source
      execjs
    coffee-script-source (1.6.2)
    dbsync (0.1.2)
      activerecord (>= 3.2.8)
      activesupport (>= 3.2.8)
      railties (>= 3.2.8)
    diff-lcs (1.2.4)
    eco (1.0.0)
      coffee-script
      eco-source
      execjs
    eco-source (1.1.0.rc.1)
    erubis (2.7.0)
    escape_utils (0.3.2)
    execjs (1.4.0)
      multi_json (~> 1.0)
    factory_girl (4.2.0)
      activesupport (>= 3.0.0)
    factory_girl_rails (4.2.1)
      factory_girl (~> 4.2.0)
      railties (>= 3.0.0)
    fakeweb (1.3.0)
    faraday (0.8.7)
      multipart-post (~> 1.1)
    faraday_middleware (0.9.0)
      faraday (>= 0.7.4, < 0.9)
    ffi (1.8.1)
    formatador (0.2.4)
    guard (1.8.0)
      formatador (>= 0.2.4)
      listen (>= 1.0.0)
      lumberjack (>= 1.0.2)
      pry (>= 0.9.10)
      thor (>= 0.14.6)
    guard-resque (0.0.5)
      guard (>= 0.8)
      resque
    guard-rspec (2.6.0)
      guard (>= 1.8)
      rspec (~> 2.13)
    hashie (1.2.0)
    highline (1.6.18)
    hike (1.2.2)
    i18n (0.6.4)
    jbuilder (1.3.0)
      activesupport (>= 3.0.0)
      multi_json (>= 1.2.0)
    jquery-rails (2.2.1)
      railties (>= 3.0, < 5.0)
      thor (>= 0.14, < 2.0)
    launchy (2.3.0)
      addressable (~> 2.3)
    listen (1.0.3)
      rb-fsevent (>= 0.9.3)
      rb-inotify (>= 0.9)
      rb-kqueue (>= 0.2)
    lumberjack (1.0.3)
    mail (2.5.4)
      mime-types (~> 1.16)
      treetop (~> 1.4.8)
    method_source (0.8.1)
    mime-types (1.23)
    minitest (4.7.4)
    mono_logger (1.0.1)
    multi_json (1.7.4)
    multipart-post (1.2.0)
    mysql2 (0.3.11)
    net-scp (1.1.0)
      net-ssh (>= 2.6.5)
    net-sftp (2.1.1)
      net-ssh (>= 2.6.5)
    net-ssh (2.6.7)
    net-ssh-gateway (1.2.0)
      net-ssh (>= 2.6.5)
    newrelic_rpm (3.6.1.88)
    nokogiri (1.5.9)
    polyglot (0.3.3)
    pry (0.9.12.1)
      coderay (~> 1.0.5)
      method_source (~> 0.8)
      slop (~> 3.4)
    rack (1.5.2)
    rack-protection (1.5.0)
      rack
    rack-test (0.6.2)
      rack (>= 1.0)
    rake (10.0.4)
    rb-fsevent (0.9.3)
    rb-inotify (0.9.0)
      ffi (>= 0.5.0)
    rb-kqueue (0.2.0)
      ffi (>= 0.5.0)
    redis (3.0.4)
    redis-namespace (1.3.0)
      redis (~> 3.0.0)
    resque (1.24.1)
      mono_logger (~> 1.0)
      multi_json (~> 1.0)
      redis-namespace (~> 1.2)
      sinatra (>= 0.9.2)
      vegas (~> 0.1.2)
    rspec (2.13.0)
      rspec-core (~> 2.13.0)
      rspec-expectations (~> 2.13.0)
      rspec-mocks (~> 2.13.0)
    rspec-core (2.13.1)
    rspec-expectations (2.13.0)
      diff-lcs (>= 1.1.3, < 2.0)
    rspec-mocks (2.13.1)
    rspec-rails (2.13.1)
      actionpack (>= 3.0)
      activesupport (>= 3.0)
      railties (>= 3.0)
      rspec-core (~> 2.13.0)
      rspec-expectations (~> 2.13.0)
      rspec-mocks (~> 2.13.0)
    sass (3.2.8)
    sass-rails (4.0.0.rc1)
      railties (>= 4.0.0.beta, < 5.0)
      sass (>= 3.1.10)
      sprockets-rails (~> 2.0.0.rc0)
      tilt (~> 1.3)
    select2-rails (3.3.1)
      sass-rails (>= 3.2)
      thor (~> 0.14)
    simple_form (3.0.0.beta1)
      actionpack (>= 4.0.0.beta, < 4.1)
      activemodel (>= 4.0.0.beta, < 4.1)
    simplecov (0.7.1)
      multi_json (~> 1.0)
      simplecov-html (~> 0.7.1)
    simplecov-html (0.7.1)
    sinatra (1.4.2)
      rack (~> 1.5, >= 1.5.2)
      rack-protection (~> 1.4)
      tilt (~> 1.3, >= 1.3.4)
    slop (3.4.4)
    sprockets (2.10.0)
      hike (~> 1.2)
      multi_json (~> 1.0)
      rack (~> 1.0)
      tilt (~> 1.1, != 1.3.0)
    sprockets-rails (2.0.0.rc4)
      actionpack (>= 3.0)
      activesupport (>= 3.0)
      sprockets (~> 2.8)
    thor (0.18.1)
    thread_safe (0.1.0)
      atomic
    tilt (1.4.1)
    treetop (1.4.12)
      polyglot
      polyglot (>= 0.3.1)
    tzinfo (0.3.37)
    uglifier (2.0.1)
      execjs (>= 0.3.0)
      multi_json (~> 1.0, >= 1.0.2)
    vegas (0.1.11)
      rack (>= 1.0.0)
    xpath (2.0.0)
      nokogiri (~> 1.3)

PLATFORMS
  ruby

DEPENDENCIES
  asset_host_client!
  bootstrap-sass (~> 2.2)
  capistrano
  capybara (~> 2.0)
  coffee-rails (~> 4.0.0.beta1)
  database_cleaner!
  dbsync
  eco (~> 1.0.0)
  escape_utils
  factory_girl_rails (~> 4.1)
  fakeweb
  faraday (~> 0.8)
  faraday_middleware (~> 0.8)
  guard
  guard-resque
  guard-rspec
  hashie (~> 1.2.0)
  jbuilder
  jquery-rails
  kaminari!
  launchy
  mysql2
  newrelic_rpm
  outpost!
  outpost-aggregator!
  outpost-asset_host!
  outpost-publishing!
  pry
  rails!
  redis-actionpack!
  redis-activesupport!
  redis-rack!
  redis-store!
  resque (~> 1.24)
  rspec-rails (~> 2.13.0)
  sass-rails (~> 4.0.0.beta1)
  select2-rails (~> 3.3)
  simple_form (~> 3.0.0.beta1)
  simplecov
  uglifier (>= 1.0.3)
